GEM
  remote: http://rubygems.org/
  specs:
    httmultiparty (0.3.16)
      httparty (>= 0.7.3)
      mimemagic
      multipart-post
    httparty (0.21.0)
      mini_mime (>= 1.0.0)
      multi_xml (>= 0.5.2)
    mimemagic (0.3.5)
    mini_mime (1.1.2)
    multi_xml (0.6.0)
    multipart-post (2.1.1)

PLATFORMS
  ruby

DEPENDENCIES
  httmultiparty

BUNDLED WITH
   2.1.2
